GEM
  remote: https://rubygems.org/
  specs:
    ast (2.4.1)
    faraday (1.4.2)
      faraday-em_http (~> 1.0)
      faraday-em_synchrony (~> 1.0)
      faraday-excon (~> 1.1)
      faraday-net_http (~> 1.0)
      faraday-net_http_persistent (~> 1.1)
      multipart-post (>= 1.2, < 3)
      ruby2_keywords (>= 0.0.4)
    faraday-em_http (1.0.0)
    faraday-em_synchrony (1.0.0)
    faraday-excon (1.1.0)
    faraday-net_http (1.0.1)
    faraday-net_http_persistent (1.1.0)
    multipart-post (2.1.1)
    parallel (1.19.2)
    parser (3.0.1.0)
      ast (~> 2.4.1)
    rainbow (3.0.0)
    regexp_parser (1.8.2)
    rexml (3.2.5)
    rubocop (1.1.0)
      parallel (~> 1.10)
      parser (>= 2.7.1.5)
      rainbow (>= 2.2.2, < 4.0)
      regexp_parser (>= 1.8)
      rexml
      rubocop-ast (>= 1.0.1)
      ruby-progressbar (~> 1.7)
      unicode-display_width (>= 1.4.0, < 2.0)
    rubocop-ast (1.1.0)
      parser (>= 2.7.1.5)
    ruby-progressbar (1.10.1)
    ruby2_keywords (0.0.4)
    unicode-display_width (1.7.0)

PLATFORMS
  ruby

DEPENDENCIES
  faraday
  rubocop

RUBY VERSION
   ruby 2.7.3p183

BUNDLED WITH
   2.1.4
